PATH
  remote: .
  specs:
    fix-let (0.1.4)
      fix (< 0.18)

GEM
  remote: https://rubygems.org/
  specs:
    ast (2.4.0)
    aw (0.1.10)
    defi (1.1.5)
    docile (1.3.2)
    fix (0.17.2)
      aw (~> 0.1.2)
      defi (~> 1.1.4)
      spectus (~> 3.0.7)
    jaro_winkler (1.5.4)
    json (2.3.0)
    matchi (1.0.8)
    parallel (1.19.1)
    parser (2.7.0.1)
      ast (~> 2.4.0)
    rainbow (3.0.0)
    rake (13.0.1)
    rubocop (0.79.0)
      jaro_winkler (~> 1.5.1)
      parallel (~> 1.10)
      parser (>= 2.7.0.1)
      rainbow (>= 2.2.2, < 4.0)
      ruby-progressbar (~> 1.7)
      unicode-display_width (>= 1.4.0, < 1.7)
    rubocop-performance (1.5.2)
      rubocop (>= 0.71.0)
    ruby-progressbar (1.10.1)
    simplecov (0.17.1)
      docile (~> 1.1)
      json (>= 1.8, < 3)
      simplecov-html (~> 0.10.0)
    simplecov-html (0.10.2)
    spectus (3.0.10)
      aw (~> 0.1.6)
      defi (~> 1.1.5)
      matchi (~> 1.0.4)
    unicode-display_width (1.6.0)
    yard (0.9.23)

PLATFORMS
  ruby

DEPENDENCIES
  bundler (~> 2.1)
  fix-let!
  rake (~> 13.0)
  rubocop (~> 0.79)
  rubocop-performance
  simplecov (~> 0.17)
  yard (~> 0.9)

BUNDLED WITH
   2.1.2
